GIT
  remote: https://github.com/DatabaseCleaner/database_cleaner.git
  revision: 4c2408ffdbbd990e78d6590f4ef6ba5e58aca673
  specs:
    database_cleaner (1.7.0)

GEM
  remote: https://rubygems.org/
  specs:
    addressable (2.6.0)
      public_suffix (>= 2.0.2, < 4.0)
    backports (3.11.4)
    clearbit (0.2.8)
      nestful (~> 1.1.0)
    crack (0.4.3)
      safe_yaml (~> 1.0.0)
    dotenv (2.6.0)
    faraday (0.15.4)
      multipart-post (>= 1.2, < 3)
    faraday_middleware (0.12.2)
      faraday (>= 0.7.4, < 1.0)
    foreman (0.85.0)
      thor (~> 0.19.1)
    hashdiff (0.3.8)
    hashie (3.6.0)
    minitest (5.11.3)
    multi_json (1.13.1)
    multipart-post (2.0.0)
    mustermann (1.0.3)
    nestful (1.1.3)
    plaid (6.2.0)
      faraday
      faraday_middleware
      hashie (>= 3.4.3)
    public_suffix (3.0.3)
    rack (2.1.2)
    rack-protection (2.0.5)
      rack
    rack-test (1.1.0)
      rack (>= 1.0, < 3)
    racksh (1.0.0)
      rack (>= 1.0)
      rack-test (>= 0.5)
    rake (12.3.2)
    require_all (2.0.0)
    safe_yaml (1.0.4)
    sequel (5.16.0)
    sinatra (2.0.5)
      mustermann (~> 1.0)
      rack (~> 2.0)
      rack-protection (= 2.0.5)
      tilt (~> 2.0)
    sinatra-contrib (2.0.5)
      backports (>= 2.8.2)
      multi_json
      mustermann (~> 1.0)
      rack-protection (= 2.0.5)
      sinatra (= 2.0.5)
      tilt (>= 1.3, < 3)
    slim (4.0.1)
      temple (>= 0.7.6, < 0.9)
      tilt (>= 2.0.6, < 2.1)
    sqlite3 (1.3.13)
    temple (0.8.0)
    thor (0.19.4)
    tilt (2.0.9)
    vcr (4.0.0)
    webmock (3.5.1)
      addressable (>= 2.3.6)
      crack (>= 0.3.2)
      hashdiff

PLATFORMS
  ruby

DEPENDENCIES
  clearbit
  database_cleaner!
  dotenv
  foreman
  minitest
  plaid
  rack-test
  racksh
  rake
  require_all
  sequel
  sinatra
  sinatra-contrib
  slim
  sqlite3
  vcr
  webmock

RUBY VERSION
   ruby 2.6.0p0

BUNDLED WITH
   2.0.1
